GEM
  remote: https://rubygems.org/
  specs:
    haml (6.3.0)
      temple (>= 0.8.2)
      thor
      tilt
    httparty (0.21.0)
      mini_mime (>= 1.0.0)
      multi_xml (>= 0.5.2)
    mini_mime (1.1.5)
    multi_xml (0.6.0)
    temple (0.10.3)
    thor (1.3.1)
    tilt (2.3.0)

PLATFORMS
  arm64-darwin-22

DEPENDENCIES
  haml
  httparty

BUNDLED WITH
   2.5.7
